GEM
  remote: https://rubygems.org/
  specs:
    artii (2.1.2)
    coderay (1.1.2)
    coolline (0.5.0)
      unicode_utils (~> 1.4)
    method_source (0.9.2)
    minitest (5.11.3)
    minitest-rg (5.2.0)
      minitest (~> 5.0)
    pry (0.12.2)
      coderay (~> 1.1.0)
      method_source (~> 0.9.0)
    pry-coolline (0.2.5)
      coolline (~> 0.5)
    unicode_utils (1.4.0)

PLATFORMS
  ruby

DEPENDENCIES
  artii (~> 2.1)
  minitest (~> 5.11)
  minitest-rg (~> 5.2)
  pry (~> 0.12.2)
  pry-coolline (~> 0.2.5)

BUNDLED WITH
   2.0.1
